PATH
  remote: .
  specs:
    gli (1.2.6)

GEM
  remote: http://rubygems.org/
  specs:
    aruba (0.3.6)
      childprocess (>= 0.1.7)
      cucumber (>= 0.10.0)
      rspec (>= 2.5.0)
    builder (3.0.0)
    childprocess (0.1.8)
      ffi (~> 1.0.6)
    cucumber (0.10.2)
      builder (>= 2.1.2)
      diff-lcs (>= 1.1.2)
      gherkin (>= 2.3.5)
      json (>= 1.4.6)
      term-ansicolor (>= 1.0.5)
    diff-lcs (1.1.2)
    ffi (1.0.7)
      rake (>= 0.8.7)
    ffi (1.0.7-java)
    gash (0.1.3)
      open4 (>= 0, = 0.9.6)
    gherkin (2.3.6)
      json (>= 1.4.6)
    gherkin (2.3.6-java)
      json (>= 1.4.6)
    grancher (0.1.5)
      gash
    json (1.5.1)
    json (1.5.1-java)
    open4 (0.9.6)
    rainbow (1.1.1)
    rake (0.8.7)
    rcov (0.9.9)
    rdoc (2.4.3)
    reek (1.2.8)
      ruby2ruby (~> 1.2)
      ruby_parser (~> 2.0)
      sexp_processor (~> 3.0)
    roodi (2.1.0)
      ruby_parser
    rspec (2.5.0)
      rspec-core (~> 2.5.0)
      rspec-expectations (~> 2.5.0)
      rspec-mocks (~> 2.5.0)
    rspec-core (2.5.1)
    rspec-expectations (2.5.0)
      diff-lcs (~> 1.1.2)
    rspec-mocks (2.5.0)
    ruby2ruby (1.2.5)
      ruby_parser (~> 2.0)
      sexp_processor (~> 3.0)
    ruby_parser (2.0.6)
      sexp_processor (~> 3.0)
    sdoc (0.2.20)
      json (>= 1.1.3)
      rdoc (= 2.4.3)
    sexp_processor (3.0.5)
    term-ansicolor (1.0.5)

PLATFORMS
  java
  ruby

DEPENDENCIES
  aruba (~> 0.3.6)
  gli!
  grancher (~> 0.1.5)
  rainbow (~> 1.1.1)
  rake (~> 0.8.0)
  rcov (>= 0.9.8)
  rdoc (~> 2.4.0)
  reek (~> 1.2.0)
  roodi (~> 2.1.0)
  sdoc (~> 0.2.0)
