PATH
  remote: .
  specs:
    gli (1.2.6)

GEM
  remote: http://rubygems.org/
  specs:
    gash (0.1.3)
      open4 (>= 0, = 0.9.6)
    grancher (0.1.5)
      gash
    json (1.5.1)
    json (1.5.1-java)
    open4 (0.9.6)
    rainbow (1.1.1)
    rake (0.8.7)
    rcov (0.9.9)
    rdoc (2.4.3)
    sdoc (0.2.20)
      json (>= 1.1.3)
      rdoc (= 2.4.3)

PLATFORMS
  java
  ruby

DEPENDENCIES
  gli!
  grancher
  rainbow
  rake (>= 0.8.7)
  rcov (>= 0.9.8)
  rdoc (>= 2.4.3)
  sdoc (>= 0.2.20)
