GEM
  remote: http://rubygems.org/
  specs:
    json (1.4.6)
    rake (0.8.7)
    rcov (0.9.9)
    rdoc (2.4.3)
    sdoc (0.2.20)
      json (>= 1.1.3)
      rdoc (= 2.4.3)

PLATFORMS
  ruby

DEPENDENCIES
  rake (>= 0.8.7)
  rcov (>= 0.9.8)
  rdoc (>= 2.4.3)
  sdoc (>= 0.2.20)
