PATH
  remote: .
  specs:
    gli (1.2.6)

GEM
  remote: http://rubygems.org/
  specs:
    gash (0.1.3)
      open4 (>= 0, = 0.9.6)
    grancher (0.1.5)
      gash
    json (1.5.1)
    json (1.5.1-java)
    open4 (0.9.6)
    rainbow (1.1.1)
    rake (0.8.7)
    rcov (0.9.9)
    rdoc (2.4.3)
    reek (1.2.8)
      ruby2ruby (~> 1.2)
      ruby_parser (~> 2.0)
      sexp_processor (~> 3.0)
    roodi (2.1.0)
      ruby_parser
    ruby2ruby (1.2.5)
      ruby_parser (~> 2.0)
      sexp_processor (~> 3.0)
    ruby_parser (2.0.6)
      sexp_processor (~> 3.0)
    sdoc (0.2.20)
      json (>= 1.1.3)
      rdoc (= 2.4.3)
    sexp_processor (3.0.5)

PLATFORMS
  java
  ruby

DEPENDENCIES
  gli!
  grancher
  rainbow
  rake (~> 0.8.0)
  rcov (>= 0.9.8)
  rdoc (~> 2.4.0)
  reek (~> 1.2.0)
  roodi (~> 2.1.0)
  sdoc (~> 0.2.0)
